GEM
  remote: http://rubygems.org/
  specs:
    bourbon (3.1.1)
      sass (>= 3.2.0)
      thor
    daemons (1.1.6)
    eventmachine (0.12.10)
    neat (1.2.0)
      bourbon (>= 2.1)
      sass (>= 3.2)
    rack (1.4.1)
    rack-protection (1.2.0)
      rack
    sass (3.2.6)
    sinatra (1.3.0)
      rack (~> 1.3)
      rack-protection (~> 1.1)
      tilt (~> 1.3)
    thin (1.2.7)
      daemons (>= 1.0.9)
      eventmachine (>= 0.12.6)
      rack (>= 1.0.0)
    thor (0.17.0)
    tilt (1.3.3)

PLATFORMS
  ruby

DEPENDENCIES
  bourbon
  neat
  sass (>= 3.2)
  sinatra
  thin (= 1.2.7)
